ObjectType = Image
NDims = 3
BinaryData = True
BinaryDataByteOrderMSB = False
CompressedData = False
TransformMatrix = 0.0313864 0.999507 -0.000545265 0.0293581 -0.0014672 -0.999568 -0.999076 0.0313568 -0.0293897
Offset = 74.3589 -133.867 120.283
CenterOfRotation = 0 0 0
AnatomicalOrientation = ASL
ElementSpacing = 4.76371 4.76373 4.87805
DimSize = 45 37 33
ElementType = MET_USHORT
ElementDataFile = ProbandT1.small.itk.uint16.raw
